GEM
  remote: https://rubygems.org/
  specs:
    asciidoctor (2.0.22)
    asciidoctor-reducer (1.0.6)
      asciidoctor (~> 2.0)

PLATFORMS
  ruby
  x86_64-linux

DEPENDENCIES
  asciidoctor-reducer

BUNDLED WITH
   2.6.0.dev
